GEM
  remote: http://rubygems.org/
  specs:
    addressable (2.2.6)
    coffee-script (2.2.0)
      coffee-script-source
      execjs
    coffee-script-source (1.1.2)
    em-websocket (0.3.1)
      addressable (>= 2.1.1)
      eventmachine (>= 0.12.9)
    eventmachine (0.12.10)
    execjs (1.2.4)
      multi_json (~> 1.0)
    guard (0.6.2)
      thor (~> 0.14.6)
    guard-coffeescript (0.3.3)
      coffee-script (>= 2.2.0)
      guard (>= 0.4)
    guard-livereload (0.3.0)
      em-websocket (>= 0.2.0)
      guard (>= 0.4.0)
      multi_json (~> 1.0.3)
    guard-sass (0.3.1)
      guard (>= 0.4.0)
      sass (>= 3.1)
    multi_json (1.0.3)
    rb-fsevent (0.4.3.1)
    sass (3.1.7)
    thor (0.14.6)

PLATFORMS
  ruby

DEPENDENCIES
  guard-coffeescript
  guard-livereload
  guard-sass
  rb-fsevent
  sass
